GEM
  remote: https://rubygems.org/
  specs:
    sequel (5.65.0)

PLATFORMS
  x86_64-linux

DEPENDENCIES
  sequel

BUNDLED WITH
   2.2.33
